GEM
  remote: http://rubygems.org/
  specs:
    addressable (2.2.6)
    bcrypt-ruby (2.1.4)
    chronic_duration (0.9.6)
      numerizer (~> 0.1.1)
    crack (0.3.1)
    daemons (1.1.4)
    erubis (2.7.0)
    eventmachine (0.12.10)
    html_truncator (0.3.0)
      nokogiri (~> 1.4)
    json (1.7.3)
    minitest (2.12.1)
    minitest-colorize (0.0.4)
      minitest (~> 2.0)
    nokogiri (1.5.5)
    numerizer (0.1.1)
    rack (1.3.4)
    rack-protection (1.1.4)
      rack
    rdiscount (1.6.8)
    redis (2.2.2)
    sinatra (1.3.1)
      rack (~> 1.3, >= 1.3.4)
      rack-protection (~> 1.1, >= 1.1.2)
      tilt (~> 1.3, >= 1.3.3)
    sinatra-flash (0.3.0)
      sinatra (>= 1.0.0)
    thin (1.2.11)
      daemons (>= 1.0.9)
      eventmachine (>= 0.12.6)
      rack (>= 1.0.0)
    tilt (1.3.3)
    trollop (1.16.2)
    warden (1.0.6)
      rack (>= 1.0)
    webmock (1.7.10)
      addressable (~> 2.2, > 2.2.5)
      crack (>= 0.1.7)

PLATFORMS
  ruby

DEPENDENCIES
  bcrypt-ruby
  chronic_duration
  erubis
  html_truncator
  json
  minitest
  minitest-colorize
  rdiscount
  redis
  sinatra
  sinatra-flash
  thin
  trollop
  warden
  webmock
