GEM
  remote: http://rubygems.org/
  specs:
    babosa (0.3.8)
    chronic_duration (0.9.6)
      numerizer (~> 0.1.1)
    crass (1.0.5)
    daemons (1.1.4)
    erubis (2.7.0)
    eventmachine (0.12.10)
    json (2.3.0)
    kgio (2.6.0)
    mini_portile2 (2.5.1)
    nokogiri (1.11.4)
      mini_portile2 (~> 2.5.0)
      racc (~> 1.4)
    nokogumbo (1.5.0)
      nokogiri
    numerizer (0.1.1)
    racc (1.5.2)
    rack (1.6.13)
    rack-protection (1.5.5)
      rack
    raindrops (0.7.0)
    redis (3.0.1)
    sanitize (4.6.3)
      crass (~> 1.0.2)
      nokogiri (>= 1.4.4)
      nokogumbo (~> 1.4)
    sinatra (1.3.1)
      rack (~> 1.3, >= 1.3.4)
      rack-protection (~> 1.1, >= 1.1.2)
      tilt (~> 1.3, >= 1.3.3)
    sinatra-flash (0.3.0)
      sinatra (>= 1.0.0)
    thin (1.2.11)
      daemons (>= 1.0.9)
      eventmachine (>= 0.12.6)
      rack (>= 1.0.0)
    tilt (1.3.3)
    trollop (1.16.2)
    unicorn (4.1.1)
      kgio (~> 2.4)
      rack
      raindrops (~> 0.6)

PLATFORMS
  ruby

DEPENDENCIES
  babosa
  chronic_duration
  erubis
  json
  nokogiri
  redis
  sanitize
  sinatra
  sinatra-flash
  thin
  trollop
  unicorn
